GEM
  remote: http://rubygems.org/
  specs:
    clamp (0.4.0)
    coderay (1.0.7)
    faraday (0.8.4)
      multipart-post (~> 1.1)
    hipchat (0.4.1)
      httparty
    httparty (0.8.3)
      multi_json (~> 1.0)
      multi_xml
    i18n (0.6.1)
    mail (2.4.4)
      i18n (>= 0.4.0)
      mime-types (~> 1.16)
      treetop (~> 1.4.8)
    method_source (0.8)
    mime-types (1.19)
    multi_json (1.3.6)
    multi_xml (0.5.1)
    multipart-post (1.1.5)
    polyglot (0.3.3)
    pony (1.4)
      mail (> 2.0)
    pry (0.9.10)
      coderay (~> 1.0.5)
      method_source (~> 0.8)
      slop (~> 3.3.1)
    rake (0.9.2.2)
    simple_oauth (0.1.9)
    slop (3.3.2)
    treetop (1.4.10)
      polyglot
      polyglot (>= 0.3.1)
    twitter (3.7.0)
      faraday (~> 0.8)
      multi_json (~> 1.3)
      simple_oauth (~> 0.1.6)
    yard (0.8.2.1)

PLATFORMS
  ruby

DEPENDENCIES
  clamp
  hipchat
  pony
  pry
  rake
  twitter
  yard
